PATH
  remote: .
  specs:
    reveal-ck (0.1.3)
      gli (~> 2.7.0)
      haml (~> 4.0.3)
      rake (~> 10.1.0)
      redcarpet (~> 2.3.0)
      toml (~> 0.0.3)

GEM
  remote: https://rubygems.org/
  specs:
    aruba (0.5.3)
      childprocess (>= 0.3.6)
      cucumber (>= 1.1.1)
      rspec-expectations (>= 2.7.0)
    blankslate (2.1.2.4)
    builder (3.2.2)
    childprocess (0.3.9)
      ffi (~> 1.0, >= 1.0.11)
    cucumber (1.3.3)
      builder (>= 2.1.2)
      diff-lcs (>= 1.1.3)
      gherkin (~> 2.12.0)
      multi_json (~> 1.7.5)
      multi_test (~> 0.0.1)
    diff-lcs (1.2.4)
    ffi (1.9.0)
    gherkin (2.12.0)
      multi_json (~> 1.3)
    gli (2.7.0)
    haml (4.0.3)
      tilt
    multi_json (1.7.7)
    multi_test (0.0.1)
    parslet (1.5.0)
      blankslate (~> 2.0)
    rake (10.1.0)
    redcarpet (2.3.0)
    rspec (2.14.0)
      rspec-core (~> 2.14.0)
      rspec-expectations (~> 2.14.0)
      rspec-mocks (~> 2.14.0)
    rspec-core (2.14.0)
    rspec-expectations (2.14.0)
      diff-lcs (>= 1.1.3, < 2.0)
    rspec-mocks (2.14.1)
    tilt (1.4.1)
    toml (0.0.4)
      parslet

PLATFORMS
  ruby

DEPENDENCIES
  aruba (~> 0.5.3)
  cucumber (~> 1.3.3)
  reveal-ck!
  rspec (~> 2.14.0)
